GEM
  remote: https://rubygems.org/
  specs:
    airbrussh (1.3.0)
      sshkit (>= 1.6.1, != 1.7.0)
    capistrano (3.10.0)
      airbrussh (>= 1.0.0)
      i18n
      rake (>= 10.0.0)
      sshkit (>= 1.9.0)
    capistrano-bundler (1.3.0)
      capistrano (~> 3.1)
      sshkit (~> 1.2)
    capistrano-npm (1.0.2)
      capistrano (>= 3.0.0)
    capistrano-nvm (0.0.7)
      capistrano (~> 3.1)
    capistrano-platform-resources (0.1.2)
      capistrano
    capistrano-virtualenv (0.1.1)
      capistrano
      capistrano-platform-resources (>= 0.1.1)
    capistrano3-nginx (2.1.6)
      capistrano (>= 3.0.0)
    concurrent-ruby (1.0.5)
    i18n (0.9.1)
      concurrent-ruby (~> 1.0)
    net-scp (1.2.1)
      net-ssh (>= 2.6.5)
    net-ssh (4.2.0)
    rake (12.3.0)
    sshkit (1.15.1)
      net-scp (>= 1.1.2)
      net-ssh (>= 2.8.0)

PLATFORMS
  ruby

DEPENDENCIES
  capistrano (= 3.10.0)
  capistrano-bundler
  capistrano-npm
  capistrano-nvm
  capistrano-virtualenv
  capistrano3-nginx

RUBY VERSION
   ruby 2.2.3p173

BUNDLED WITH
   1.15.4
